GEM
  remote: https://rubygems.org/
  specs:
    eventmachine (1.2.0.1)
    httparty (0.13.7)
      json (~> 1.8)
      multi_xml (>= 0.5.2)
    json (1.8.3)
    multi_xml (0.5.5)
    rufus-scheduler (3.2.1)
    wamp_client (0.0.2)
      json (~> 1.8.3)
      websocket-eventmachine-client (~> 1.1.0)
    websocket (1.2.3)
    websocket-eventmachine-base (1.2.0)
      eventmachine (~> 1.0)
      websocket (~> 1.0)
      websocket-native (~> 1.0)
    websocket-eventmachine-client (1.1.0)
      websocket-eventmachine-base (~> 1.0)
    websocket-native (1.0.0)

PLATFORMS
  ruby

DEPENDENCIES
  httparty
  rufus-scheduler
  wamp_client

BUNDLED WITH
   1.10.6
